PATH
  remote: .
  specs:
    hcast (0.3.0)

GEM
  remote: https://rubygems.org/
  specs:
    allocation_stats (0.1.5)
    bixby-bench (0.1.0)
      allocation_stats
    byebug (9.0.6)
    codecov (0.1.9)
      json
      simplecov
      url
    diff-lcs (1.2.5)
    docile (1.1.5)
    json (2.0.2)
    rake (10.1.1)
    rspec (2.14.1)
      rspec-core (~> 2.14.0)
      rspec-expectations (~> 2.14.0)
      rspec-mocks (~> 2.14.0)
    rspec-core (2.14.7)
    rspec-expectations (2.14.4)
      diff-lcs (>= 1.1.3, < 2.0)
    rspec-mocks (2.14.4)
    simplecov (0.12.0)
      docile (~> 1.1.0)
      json (>= 1.8, < 3)
      simplecov-html (~> 0.10.0)
    simplecov-html (0.10.0)
    url (0.3.2)

PLATFORMS
  ruby

DEPENDENCIES
  allocation_stats
  bixby-bench
  bundler (~> 1.3)
  byebug
  codecov
  hcast!
  rake
  rspec

BUNDLED WITH
   1.13.6
